NUGET
  remote: http://api.nuget.org/v3/index.json
  specs:
    FAKE (4.16.0)
    Nuget.CommandLine (3.3.0)
    Nunit.Runners (2.6.4)
